GEM
  remote: https://rubygems.org/
  specs:
    activesupport (7.0.0)
      concurrent-ruby (~> 1.0, >= 1.0.2)
      i18n (>= 1.6, < 2)
      minitest (>= 5.1)
      tzinfo (~> 2.0)
    aws-eventstream (1.2.0)
    aws-partitions (1.543.0)
    aws-sdk-core (3.125.0)
      aws-eventstream (~> 1, >= 1.0.2)
      aws-partitions (~> 1, >= 1.525.0)
      aws-sigv4 (~> 1.1)
      jmespath (~> 1.0)
    aws-sdk-kms (1.53.0)
      aws-sdk-core (~> 3, >= 3.125.0)
      aws-sigv4 (~> 1.1)
    aws-sdk-s3 (1.110.0)
      aws-sdk-core (~> 3, >= 3.125.0)
      aws-sdk-kms (~> 1)
      aws-sigv4 (~> 1.4)
    aws-sigv4 (1.4.0)
      aws-eventstream (~> 1, >= 1.0.2)
    cli-format (0.2.1)
      activesupport
      text-table
      zeitwerk
    concurrent-ruby (1.1.9)
    deep_merge (1.2.1)
    diff-lcs (1.5.0)
    dsl_evaluator (0.1.3)
      rainbow
    eventmachine (1.2.7)
    eventmachine-tail (0.6.5)
      eventmachine
    graph (2.10.0)
    hcl_parser (0.2.1)
      rhcl
    i18n (1.8.11)
      concurrent-ruby (~> 1.0)
    jmespath (1.4.0)
    memoist (0.16.2)
    minitest (5.15.0)
    nokogiri (1.12.5-x86_64-linux)
      racc (~> 1.4)
    racc (1.6.0)
    rainbow (3.0.0)
    render_me_pretty (0.8.4)
      activesupport
      rainbow
      tilt
    rexml (3.2.5)
    rhcl (0.1.0)
      deep_merge
    rspec (3.10.0)
      rspec-core (~> 3.10.0)
      rspec-expectations (~> 3.10.0)
      rspec-mocks (~> 3.10.0)
    rspec-core (3.10.1)
      rspec-support (~> 3.10.0)
    rspec-expectations (3.10.1)
      diff-lcs (>= 1.2.0, < 2.0)
      rspec-support (~> 3.10.0)
    rspec-mocks (3.10.2)
      diff-lcs (>= 1.2.0, < 2.0)
      rspec-support (~> 3.10.0)
    rspec-support (3.10.3)
    rspec-terraspace (0.3.1)
      activesupport
      memoist
      rainbow
      rspec
      zeitwerk
    rubyzip (2.3.2)
    terraspace (0.7.0)
      activesupport
      bundler
      cli-format
      deep_merge
      dsl_evaluator
      eventmachine-tail
      graph
      hcl_parser
      memoist
      rainbow
      render_me_pretty
      rexml
      rspec-terraspace (~> 0.3.0)
      terraspace-bundler (~> 0.4.4)
      thor
      tty-tree
      zeitwerk
    terraspace-bundler (0.4.4)
      activesupport
      aws-sdk-s3
      dsl_evaluator
      memoist
      nokogiri
      rainbow
      rubyzip
      thor
      zeitwerk
    text-table (1.2.4)
    thor (1.1.0)
    tilt (2.0.10)
    tty-tree (0.4.0)
    tzinfo (2.0.4)
      concurrent-ruby (~> 1.0)
    zeitwerk (2.5.3)

PLATFORMS
  x86_64-linux

DEPENDENCIES
  rspec-terraspace
  terraspace (~> 0.7.0)

BUNDLED WITH
   2.2.32
